GIT
  remote: https://github.com/keenlabs/keen-gem.git
  revision: 0648c1a0e9317e3e0c627c60ff0c012607273a49
  specs:
    keen (0.8.2)
      addressable (~> 2.3.5)
      multi_json (~> 1.3)

GEM
  remote: https://rubygems.org/
  specs:
    addressable (2.3.6)
    cookiejar (0.3.0)
    daemons (1.1.9)
    dotenv (1.0.2)
    em-http-request (1.1.2)
      addressable (>= 2.3.4)
      cookiejar
      em-socksify (>= 0.3)
      eventmachine (>= 1.0.3)
      http_parser.rb (>= 0.6.0)
    em-socksify (0.3.0)
      eventmachine (>= 1.0.0.beta.4)
    eventmachine (1.0.3)
    foreman (0.76.0)
      dotenv (~> 1.0.2)
      thor (~> 0.19.1)
    http_parser.rb (0.6.0)
    json (1.8.1)
    multi_json (1.10.0)
    rack (1.5.2)
    rack-protection (1.5.1)
      rack
    sinatra (1.4.4)
      rack (~> 1.4)
      rack-protection (~> 1.4)
      tilt (~> 1.3, >= 1.3.4)
    thin (1.6.1)
      daemons (>= 1.0.9)
      eventmachine (>= 1.0.0)
      rack (>= 1.0.0)
    thor (0.19.1)
    tilt (1.4.1)

PLATFORMS
  ruby

DEPENDENCIES
  em-http-request
  foreman (~> 0.76.0)
  json
  keen!
  sinatra
  thin
